GEM
  remote: https://rubygems.org/
  specs:
    webrick (1.8.1)

PLATFORMS
  arm64-darwin-23

DEPENDENCIES
  webrick (~> 1.8)

BUNDLED WITH
   2.3.26
